GEM
  remote: https://rubygems.org/
  specs:
    concurrent-ruby (1.1.5)

PLATFORMS
  java

DEPENDENCIES
  concurrent-ruby (~> 1.1.5)

RUBY VERSION
   ruby 2.5.0p0 (jruby 9.2.5.0)

BUNDLED WITH
   2.0.2
